PATH
  remote: ../..
  specs:
    aggregate_root (2.15.0)
      ruby_event_store (= 2.15.0)
    ruby_event_store (2.15.0)
      concurrent-ruby (~> 1.0, >= 1.1.6)

PATH
  remote: .
  specs:
    ruby_event_store-profiler (0.1.0)
      ruby_event_store (>= 1.0.0, < 3.0.0)

GEM
  remote: https://rubygems.org/
  specs:
    activesupport (7.2.2.1)
      base64
      benchmark (>= 0.3)
      bigdecimal
      concurrent-ruby (~> 1.0, >= 1.3.1)
      connection_pool (>= 2.2.5)
      drb
      i18n (>= 1.6, < 2)
      logger (>= 1.4.2)
      minitest (>= 5.1)
      securerandom (>= 0.3)
      tzinfo (~> 2.0, >= 2.0.5)
    ast (2.4.2)
    base64 (0.2.0)
    benchmark (0.4.0)
    bigdecimal (3.1.9)
    concurrent-ruby (1.3.3)
    connection_pool (2.4.1)
    diff-lcs (1.5.1)
    drb (2.2.1)
    i18n (1.14.6)
      concurrent-ruby (~> 1.0)
    logger (1.6.4)
    minitest (5.23.1)
    mutant (0.12.0)
      diff-lcs (~> 1.3)
      parser (~> 3.3.0)
      regexp_parser (~> 2.9.0)
      sorbet-runtime (~> 0.5.0)
      unparser (~> 0.6.9)
    mutant-minitest (0.12.0)
      minitest (~> 5.11)
      mutant (= 0.12.0)
    mutant-rspec (0.12.0)
      mutant (= 0.12.0)
      rspec-core (>= 3.8.0, < 4.0.0)
    parser (3.3.3.0)
      ast (~> 2.4.1)
      racc
    racc (1.8.0)
    rake (13.2.1)
    regexp_parser (2.9.2)
    rspec (3.13.0)
      rspec-core (~> 3.13.0)
      rspec-expectations (~> 3.13.0)
      rspec-mocks (~> 3.13.0)
    rspec-core (3.13.0)
      rspec-support (~> 3.13.0)
    rspec-expectations (3.13.0)
      diff-lcs (>= 1.2.0, < 2.0)
      rspec-support (~> 3.13.0)
    rspec-mocks (3.13.1)
      diff-lcs (>= 1.2.0, < 2.0)
      rspec-support (~> 3.13.0)
    rspec-support (3.13.1)
    securerandom (0.4.1)
    sorbet-runtime (0.5.11429)
    tzinfo (2.0.6)
      concurrent-ruby (~> 1.0)
    unparser (0.6.14)
      diff-lcs (~> 1.3)
      parser (>= 3.3.0)

PLATFORMS
  arm64-darwin
  x86_64-darwin
  x86_64-linux

DEPENDENCIES
  activesupport (~> 7.2.2.1)
  aggregate_root!
  mutant (= 0.12.0)
  mutant-minitest (= 0.12.0)
  mutant-rspec (= 0.12.0)
  rake (>= 10.0)
  rspec (~> 3.6)
  ruby_event_store!
  ruby_event_store-profiler!

BUNDLED WITH
   2.5.15
