PATH
  remote: ..
  specs:
    aggregate_root (2.8.1)
      ruby_event_store (= 2.8.1)
    rails_event_store_active_record (2.8.1)
      ruby_event_store-active_record (= 2.8.1)
    ruby_event_store (2.8.1)
      concurrent-ruby (~> 1.0, >= 1.1.6)
    ruby_event_store-active_record (2.8.1)
      activerecord (>= 6.0)
      ruby_event_store (= 2.8.1)
    ruby_event_store-browser (2.8.1)
      rack
      ruby_event_store (= 2.8.1)

PATH
  remote: .
  specs:
    rails_event_store (2.8.1)
      activejob (>= 6.0)
      activemodel (>= 6.0)
      activesupport (>= 6.0)
      aggregate_root (= 2.8.1)
      arkency-command_bus (>= 0.4)
      rails_event_store_active_record (= 2.8.1)
      ruby_event_store (= 2.8.1)
      ruby_event_store-browser (= 2.8.1)

GEM
  remote: https://oss:7AXfeZdAfCqL1PvHm2nvDJO6Zd9UW8IK@gem.mutant.dev/
  specs:
    mutant-license (0.1.1.2.1627430819213747598431630701693729869473.6)

GEM
  remote: https://rubygems.org/
  specs:
    actioncable (7.0.4)
      actionpack (= 7.0.4)
      activesupport (= 7.0.4)
      nio4r (~> 2.0)
      websocket-driver (>= 0.6.1)
    actionmailbox (7.0.4)
      actionpack (= 7.0.4)
      activejob (= 7.0.4)
      activerecord (= 7.0.4)
      activestorage (= 7.0.4)
      activesupport (= 7.0.4)
      mail (>= 2.7.1)
      net-imap
      net-pop
      net-smtp
    actionmailer (7.0.4)
      actionpack (= 7.0.4)
      actionview (= 7.0.4)
      activejob (= 7.0.4)
      activesupport (= 7.0.4)
      mail (~> 2.5, >= 2.5.4)
      net-imap
      net-pop
      net-smtp
      rails-dom-testing (~> 2.0)
    actionpack (7.0.4)
      actionview (= 7.0.4)
      activesupport (= 7.0.4)
      rack (~> 2.0, >= 2.2.0)
      rack-test (>= 0.6.3)
      rails-dom-testing (~> 2.0)
      rails-html-sanitizer (~> 1.0, >= 1.2.0)
    actiontext (7.0.4)
      actionpack (= 7.0.4)
      activerecord (= 7.0.4)
      activestorage (= 7.0.4)
      activesupport (= 7.0.4)
      globalid (>= 0.6.0)
      nokogiri (>= 1.8.5)
    actionview (7.0.4)
      activesupport (= 7.0.4)
      builder (~> 3.1)
      erubi (~> 1.4)
      rails-dom-testing (~> 2.0)
      rails-html-sanitizer (~> 1.1, >= 1.2.0)
    activejob (7.0.4)
      activesupport (= 7.0.4)
      globalid (>= 0.3.6)
    activemodel (7.0.4)
      activesupport (= 7.0.4)
    activerecord (7.0.4)
      activemodel (= 7.0.4)
      activesupport (= 7.0.4)
    activestorage (7.0.4)
      actionpack (= 7.0.4)
      activejob (= 7.0.4)
      activerecord (= 7.0.4)
      activesupport (= 7.0.4)
      marcel (~> 1.0)
      mini_mime (>= 1.1.0)
    activesupport (7.0.4)
      concurrent-ruby (~> 1.0, >= 1.0.2)
      i18n (>= 1.6, < 2)
      minitest (>= 5.1)
      tzinfo (~> 2.0)
    arkency-command_bus (0.4.1)
      concurrent-ruby
    ast (2.4.2)
    builder (3.2.4)
    concurrent-ruby (1.1.10)
    connection_pool (2.3.0)
    crass (1.0.6)
    date (3.3.1)
    diff-lcs (1.5.0)
    erubi (1.11.0)
    globalid (1.0.0)
      activesupport (>= 5.0)
    i18n (1.12.0)
      concurrent-ruby (~> 1.0)
    loofah (2.19.1)
      crass (~> 1.0.2)
      nokogiri (>= 1.5.9)
    mail (2.8.0)
      mini_mime (>= 0.1.1)
      net-imap
      net-pop
      net-smtp
    marcel (1.0.2)
    method_source (1.0.0)
    mini_mime (1.1.2)
    mini_portile2 (2.8.1)
    minitest (5.16.3)
    mutant (0.11.17)
      diff-lcs (~> 1.3)
      parser (~> 3.1.0)
      regexp_parser (~> 2.3, >= 2.3.1)
      sorbet-runtime (~> 0.5.0)
      unparser (~> 0.6.5)
    mutant-minitest (0.11.17)
      minitest (~> 5.11)
      mutant (= 0.11.17)
    mutant-rspec (0.11.17)
      mutant (= 0.11.17)
      rspec-core (>= 3.8.0, < 4.0.0)
    net-imap (0.3.2)
      date
      net-protocol
    net-pop (0.1.2)
      net-protocol
    net-protocol (0.2.1)
      timeout
    net-smtp (0.3.3)
      net-protocol
    nio4r (2.5.8)
    nokogiri (1.14.0)
      mini_portile2 (~> 2.8.0)
      racc (~> 1.4)
    nokogiri (1.14.0-arm64-darwin)
      racc (~> 1.4)
    nokogiri (1.14.0-x86_64-linux)
      racc (~> 1.4)
    parser (3.1.3.0)
      ast (~> 2.4.1)
    racc (1.6.2)
    rack (2.2.6.2)
    rack-test (2.0.2)
      rack (>= 1.3)
    rails (7.0.4)
      actioncable (= 7.0.4)
      actionmailbox (= 7.0.4)
      actionmailer (= 7.0.4)
      actionpack (= 7.0.4)
      actiontext (= 7.0.4)
      actionview (= 7.0.4)
      activejob (= 7.0.4)
      activemodel (= 7.0.4)
      activerecord (= 7.0.4)
      activestorage (= 7.0.4)
      activesupport (= 7.0.4)
      bundler (>= 1.15.0)
      railties (= 7.0.4)
    rails-dom-testing (2.0.3)
      activesupport (>= 4.2.0)
      nokogiri (>= 1.6)
    rails-html-sanitizer (1.4.4)
      loofah (~> 2.19, >= 2.19.1)
    railties (7.0.4)
      actionpack (= 7.0.4)
      activesupport (= 7.0.4)
      method_source
      rake (>= 12.2)
      thor (~> 1.0)
      zeitwerk (~> 2.5)
    rake (13.0.6)
    redis-client (0.11.2)
      connection_pool
    regexp_parser (2.6.1)
    rspec (3.12.0)
      rspec-core (~> 3.12.0)
      rspec-expectations (~> 3.12.0)
      rspec-mocks (~> 3.12.0)
    rspec-core (3.12.0)
      rspec-support (~> 3.12.0)
    rspec-expectations (3.12.0)
      diff-lcs (>= 1.2.0, < 2.0)
      rspec-support (~> 3.12.0)
    rspec-mocks (3.12.1)
      diff-lcs (>= 1.2.0, < 2.0)
      rspec-support (~> 3.12.0)
    rspec-support (3.12.0)
    sidekiq (7.0.2)
      concurrent-ruby (< 2)
      connection_pool (>= 2.3.0)
      rack (>= 2.2.4)
      redis-client (>= 0.11.0)
    sorbet-runtime (0.5.10588)
    sqlite3 (1.6.0)
      mini_portile2 (~> 2.8.0)
    sqlite3 (1.6.0-arm64-darwin)
    sqlite3 (1.6.0-x86_64-linux)
    thor (1.2.1)
    timeout (0.3.1)
    tzinfo (2.0.5)
      concurrent-ruby (~> 1.0)
    unparser (0.6.5)
      diff-lcs (~> 1.3)
      parser (>= 3.1.0)
    websocket-driver (0.7.5)
      websocket-extensions (>= 0.1.0)
    websocket-extensions (0.1.5)
    zeitwerk (2.6.6)

PLATFORMS
  arm64-darwin-22
  ruby
  x86_64-linux

DEPENDENCIES
  aggregate_root!
  mutant (= 0.11.17)
  mutant-license!
  mutant-minitest (= 0.11.17)
  mutant-rspec (= 0.11.17)
  rack-test
  rails (= 7.0.4)
  rails_event_store!
  rails_event_store_active_record!
  rake (>= 10.0)
  rspec (~> 3.6)
  ruby_event_store!
  ruby_event_store-active_record!
  ruby_event_store-browser!
  sidekiq
  sqlite3 (= 1.6.0)

BUNDLED WITH
   2.3.26
