PATH
  remote: ../..
  specs:
    ruby_event_store (2.16.0)
      concurrent-ruby (~> 1.0, >= 1.1.6)

PATH
  remote: .
  specs:
    ruby_event_store-sequel (0.1.0)
      ruby_event_store (>= 2.0.0, < 3.0.0)
      sequel (>= 5.11.0)

GEM
  remote: https://rubygems.org/
  specs:
    activesupport (8.0.2)
      base64
      benchmark (>= 0.3)
      bigdecimal
      concurrent-ruby (~> 1.0, >= 1.3.1)
      connection_pool (>= 2.2.5)
      drb
      i18n (>= 1.6, < 2)
      logger (>= 1.4.2)
      minitest (>= 5.1)
      securerandom (>= 0.3)
      tzinfo (~> 2.0, >= 2.0.5)
      uri (>= 0.13.1)
    ast (2.4.3)
    base64 (0.2.0)
    benchmark (0.4.0)
    bigdecimal (3.1.9)
    concurrent-ruby (1.3.5)
    connection_pool (2.5.3)
    diff-lcs (1.6.2)
    drb (2.2.1)
    i18n (1.14.7)
      concurrent-ruby (~> 1.0)
    logger (1.7.0)
    minitest (5.25.5)
    mutant (0.13.1)
      diff-lcs (~> 1.3)
      parser (~> 3.3.0)
      regexp_parser (~> 2.10)
      sorbet-runtime (~> 0.5.0)
      unparser (~> 0.7.0)
    mutant-minitest (0.13.1)
      minitest (~> 5.11)
      mutant (= 0.13.1)
      mutex_m (~> 0.2)
    mutant-rspec (0.13.1)
      mutant (= 0.13.1)
      rspec-core (>= 3.8.0, < 4.0.0)
    mutex_m (0.3.0)
    mysql2 (0.5.6)
    parser (3.3.8.0)
      ast (~> 2.4.1)
      racc
    pg (1.5.9)
    racc (1.8.1)
    rake (13.2.1)
    regexp_parser (2.10.0)
    rspec (3.13.1)
      rspec-core (~> 3.13.0)
      rspec-expectations (~> 3.13.0)
      rspec-mocks (~> 3.13.0)
    rspec-core (3.13.4)
      rspec-support (~> 3.13.0)
    rspec-expectations (3.13.5)
      diff-lcs (>= 1.2.0, < 2.0)
      rspec-support (~> 3.13.0)
    rspec-mocks (3.13.5)
      diff-lcs (>= 1.2.0, < 2.0)
      rspec-support (~> 3.13.0)
    rspec-support (3.13.4)
    securerandom (0.4.1)
    sequel (5.90.0)
      bigdecimal
    sorbet-runtime (0.5.12104)
    sqlite3 (2.6.0-arm64-darwin)
    sqlite3 (2.6.0-x86_64-darwin)
    sqlite3 (2.6.0-x86_64-linux-gnu)
    tzinfo (2.0.6)
      concurrent-ruby (~> 1.0)
    unparser (0.7.0)
      diff-lcs (~> 1.6)
      parser (>= 3.3.0)
    uri (1.0.3)

PLATFORMS
  arm64-darwin
  x86_64-darwin
  x86_64-linux

DEPENDENCIES
  activesupport (~> 8.0.0)
  mutant
  mutant-minitest
  mutant-rspec
  mysql2 (~> 0.5.6)
  pg (~> 1.5.6)
  rake (>= 10.0)
  rspec
  ruby_event_store!
  ruby_event_store-sequel!
  sqlite3 (>= 2.1)

BUNDLED WITH
   2.6.9
