GEM
  remote: https://rubygems.org/
  specs:
    activesupport (7.0.5)
      concurrent-ruby (~> 1.0, >= 1.0.2)
      i18n (>= 1.6, < 2)
      minitest (>= 5.1)
      tzinfo (~> 2.0)
    addressable (2.8.4)
      public_suffix (>= 2.0.2, < 6.0)
    arbre (1.6.0)
      activesupport (>= 3.0.0, < 7.1)
      ruby2_keywords (>= 0.0.2, < 1.0)
    backports (3.24.1)
    coffee-script (2.4.1)
      coffee-script-source
      execjs
    coffee-script-source (1.12.2)
    concurrent-ruby (1.2.2)
    contracts (0.17)
    dotenv (2.8.1)
    erubis (2.7.0)
    execjs (2.8.1)
    faraday (2.7.10)
      faraday-net_http (>= 2.0, < 3.1)
      ruby2_keywords (>= 0.0.4)
    faraday-net_http (3.0.2)
    faraday-retry (2.2.0)
      faraday (~> 2.0)
    fast_blank (1.0.1)
    fastimage (2.2.6)
    ffi (1.15.5)
    haml (5.2.2)
      temple (>= 0.8.0)
      tilt
    hamster (3.0.0)
      concurrent-ruby (~> 1.0)
    hashie (3.6.0)
    i18n (1.6.0)
      concurrent-ruby (~> 1.0)
    kramdown (2.4.0)
      rexml
    listen (3.8.0)
      rb-fsevent (~> 0.10, >= 0.10.3)
      rb-inotify (~> 0.9, >= 0.9.10)
    memoist (0.16.2)
    middleman (4.5.0)
      coffee-script (~> 2.2)
      haml (>= 4.0.5)
      kramdown (>= 2.3.0)
      middleman-cli (= 4.5.0)
      middleman-core (= 4.5.0)
    middleman-aria_current (0.1.2)
      middleman-core (~> 4.0)
    middleman-cli (4.5.0)
      thor (>= 0.17.0, < 2.0)
    middleman-core (4.5.0)
      activesupport (>= 6.1, < 7.1)
      addressable (~> 2.4)
      backports (~> 3.6)
      bundler (~> 2.0)
      contracts (~> 0.13)
      dotenv
      erubis
      execjs (~> 2.0)
      fast_blank
      fastimage (~> 2.0)
      hamster (~> 3.0)
      hashie (~> 3.4)
      i18n (~> 1.6.0)
      listen (~> 3.0)
      memoist (~> 0.14)
      padrino-helpers (~> 0.15.0)
      parallel
      rack (>= 1.4.5, < 3)
      sassc (~> 2.0)
      servolux
      tilt (~> 2.0.9)
      toml
      uglifier (~> 3.0)
      webrick
    middleman-syntax (3.3.0)
      middleman-core (>= 3.2)
      rouge (~> 3.2)
    minitest (5.18.1)
    octokit (6.1.1)
      faraday (>= 1, < 3)
      sawyer (~> 0.9)
    padrino-helpers (0.15.3)
      i18n (>= 0.6.7, < 2)
      padrino-support (= 0.15.3)
      tilt (>= 1.4.1, < 3)
    padrino-support (0.15.3)
    parallel (1.23.0)
    parslet (2.0.0)
    public_suffix (5.0.1)
    rack (2.2.7)
    rb-fsevent (0.11.2)
    rb-inotify (0.10.1)
      ffi (~> 1.0)
    redcarpet (3.6.0)
    rexml (3.2.5)
    rouge (3.30.0)
    ruby2_keywords (0.0.5)
    sassc (2.4.0)
      ffi (~> 1.9)
    sawyer (0.9.2)
      addressable (>= 2.3.5)
      faraday (>= 0.17.3, < 3)
    servolux (0.13.0)
    temple (0.10.0)
    thor (1.2.1)
    tilt (2.0.11)
    toml (0.3.0)
      parslet (>= 1.8.0, < 3.0.0)
    tzinfo (2.0.6)
      concurrent-ruby (~> 1.0)
    uglifier (3.2.0)
      execjs (>= 0.3.0, < 3)
    webrick (1.8.1)

PLATFORMS
  arm64-darwin-21
  arm64-darwin-22
  x86_64-darwin-22
  x86_64-linux

DEPENDENCIES
  arbre
  faraday
  faraday-retry
  haml (< 6)
  middleman (~> 4.5)
  middleman-aria_current
  middleman-syntax
  octokit
  redcarpet
  webrick

BUNDLED WITH
   2.4.6
