PATH
  remote: ../..
  specs:
    ruby_event_store (2.8.1)
      concurrent-ruby (~> 1.0, >= 1.1.6)
    ruby_event_store-rspec (2.8.1)
      rspec (~> 3.0)

PATH
  remote: .
  specs:
    ruby_event_store-flipper (0.2.1)
      ruby_event_store (>= 1.0.0)

GEM
  remote: https://oss:7AXfeZdAfCqL1PvHm2nvDJO6Zd9UW8IK@gem.mutant.dev/
  specs:
    mutant-license (0.1.1.2.1627430819213747598431630701693729869473.6)

GEM
  remote: https://rubygems.org/
  specs:
    activesupport (7.0.4.1)
      concurrent-ruby (~> 1.0, >= 1.0.2)
      i18n (>= 1.6, < 2)
      minitest (>= 5.1)
      tzinfo (~> 2.0)
    ast (2.4.2)
    byebug (11.1.3)
    concurrent-ruby (1.1.10)
    diff-lcs (1.5.0)
    flipper (0.26.0)
      concurrent-ruby (< 2)
    i18n (1.12.0)
      concurrent-ruby (~> 1.0)
    minitest (5.17.0)
    mutant (0.11.17)
      diff-lcs (~> 1.3)
      parser (~> 3.1.0)
      regexp_parser (~> 2.3, >= 2.3.1)
      sorbet-runtime (~> 0.5.0)
      unparser (~> 0.6.5)
    mutant-minitest (0.11.17)
      minitest (~> 5.11)
      mutant (= 0.11.17)
    mutant-rspec (0.11.17)
      mutant (= 0.11.17)
      rspec-core (>= 3.8.0, < 4.0.0)
    parser (3.1.3.0)
      ast (~> 2.4.1)
    rake (13.0.6)
    regexp_parser (2.6.1)
    rspec (3.12.0)
      rspec-core (~> 3.12.0)
      rspec-expectations (~> 3.12.0)
      rspec-mocks (~> 3.12.0)
    rspec-core (3.12.0)
      rspec-support (~> 3.12.0)
    rspec-expectations (3.12.0)
      diff-lcs (>= 1.2.0, < 2.0)
      rspec-support (~> 3.12.0)
    rspec-mocks (3.12.1)
      diff-lcs (>= 1.2.0, < 2.0)
      rspec-support (~> 3.12.0)
    rspec-support (3.12.0)
    sorbet-runtime (0.5.10588)
    tzinfo (2.0.5)
      concurrent-ruby (~> 1.0)
    unparser (0.6.5)
      diff-lcs (~> 1.3)
      parser (>= 3.1.0)

PLATFORMS
  arm64-darwin-22
  x86_64-darwin-22
  x86_64-linux

DEPENDENCIES
  activesupport (= 7.0.4.1)
  byebug
  flipper (~> 0.19)
  mutant (= 0.11.17)
  mutant-license!
  mutant-minitest (= 0.11.17)
  mutant-rspec (= 0.11.17)
  rake (>= 10.0)
  rspec (~> 3.6)
  ruby_event_store!
  ruby_event_store-flipper!
  ruby_event_store-rspec!

BUNDLED WITH
   2.3.26
