PATH
  remote: .
  specs:
    ruby_event_store-flipper (0.1.0)
      ruby_event_store (>= 1.0.0)

GEM
  remote: https://oss:7AXfeZdAfCqL1PvHm2nvDJO6Zd9UW8IK@gem.mutant.dev/
  specs:
    mutant-license (0.1.1.2.1627430819213747598431630701693729869473.4)

GEM
  remote: https://rubygems.org/
  specs:
    activesupport (6.1.4.1)
      concurrent-ruby (~> 1.0, >= 1.0.2)
      i18n (>= 1.6, < 2)
      minitest (>= 5.1)
      tzinfo (~> 2.0)
      zeitwerk (~> 2.3)
    ast (2.4.2)
    byebug (11.1.3)
    concurrent-ruby (1.1.9)
    diff-lcs (1.4.4)
    flipper (0.22.1)
    i18n (1.8.10)
      concurrent-ruby (~> 1.0)
    minitest (5.14.4)
    mutant (0.11.0)
      diff-lcs (~> 1.3)
      parser (~> 3.0.0)
      regexp_parser (~> 2.0, >= 2.0.3)
      sorbet-runtime (~> 0.5.0)
      unparser (~> 0.6.0)
    mutant-minitest (0.11.0)
      minitest (~> 5.11)
      mutant (= 0.11.0)
    mutant-rspec (0.11.0)
      mutant (= 0.11.0)
      rspec-core (>= 3.8.0, < 4.0.0)
    parser (3.0.2.0)
      ast (~> 2.4.1)
    rake (13.0.6)
    regexp_parser (2.1.1)
    rspec (3.10.0)
      rspec-core (~> 3.10.0)
      rspec-expectations (~> 3.10.0)
      rspec-mocks (~> 3.10.0)
    rspec-core (3.10.1)
      rspec-support (~> 3.10.0)
    rspec-expectations (3.10.1)
      diff-lcs (>= 1.2.0, < 2.0)
      rspec-support (~> 3.10.0)
    rspec-mocks (3.10.2)
      diff-lcs (>= 1.2.0, < 2.0)
      rspec-support (~> 3.10.0)
    rspec-support (3.10.2)
    ruby2_keywords (0.0.5)
    ruby_event_store (2.3.0)
      concurrent-ruby (~> 1.0, >= 1.1.6)
      ruby2_keywords
    ruby_event_store-rspec (2.3.0)
      rspec (~> 3.0)
    sorbet-runtime (0.5.9279)
    tzinfo (2.0.4)
      concurrent-ruby (~> 1.0)
    unparser (0.6.0)
      diff-lcs (~> 1.3)
      parser (>= 3.0.0)
    zeitwerk (2.4.2)

PLATFORMS
  arm64-darwin-20
  x86_64-darwin-19
  x86_64-linux

DEPENDENCIES
  activesupport
  byebug
  flipper (~> 0.19)
  mutant (~> 0.11.0)
  mutant-license!
  mutant-minitest (~> 0.11.0)
  mutant-rspec (~> 0.11.0)
  rake (>= 10.0)
  rspec (~> 3.6)
  ruby_event_store-flipper!
  ruby_event_store-rspec

BUNDLED WITH
   2.2.30
