PATH
  remote: ../ruby_event_store
  specs:
    ruby_event_store (2.6.0)
      concurrent-ruby (~> 1.0, >= 1.1.6)

PATH
  remote: .
  specs:
    ruby_event_store-active_record (2.6.0)
      activerecord (>= 6.0)
      ruby_event_store (= 2.6.0)

GEM
  remote: https://oss:7AXfeZdAfCqL1PvHm2nvDJO6Zd9UW8IK@gem.mutant.dev/
  specs:
    mutant-license (0.1.1.2.1627430819213747598431630701693729869473.4)

GEM
  remote: https://rubygems.org/
  specs:
    activemodel (7.0.4)
      activesupport (= 7.0.4)
    activerecord (7.0.4)
      activemodel (= 7.0.4)
      activesupport (= 7.0.4)
    activesupport (7.0.4)
      concurrent-ruby (~> 1.0, >= 1.0.2)
      i18n (>= 1.6, < 2)
      minitest (>= 5.1)
      tzinfo (~> 2.0)
    ast (2.4.2)
    childprocess (4.1.0)
    concurrent-ruby (1.1.10)
    diff-lcs (1.5.0)
    i18n (1.12.0)
      concurrent-ruby (~> 1.0)
    mini_portile2 (2.8.0)
    minitest (5.16.3)
    mutant (0.11.17)
      diff-lcs (~> 1.3)
      parser (~> 3.1.0)
      regexp_parser (~> 2.3, >= 2.3.1)
      sorbet-runtime (~> 0.5.0)
      unparser (~> 0.6.5)
    mutant-minitest (0.11.17)
      minitest (~> 5.11)
      mutant (= 0.11.17)
    mutant-rspec (0.11.17)
      mutant (= 0.11.17)
      rspec-core (>= 3.8.0, < 4.0.0)
    mysql2 (0.5.4)
    parser (3.1.3.0)
      ast (~> 2.4.1)
    pg (1.4.4)
    rake (13.0.6)
    regexp_parser (2.6.1)
    rspec (3.11.0)
      rspec-core (~> 3.11.0)
      rspec-expectations (~> 3.11.0)
      rspec-mocks (~> 3.11.0)
    rspec-core (3.11.0)
      rspec-support (~> 3.11.0)
    rspec-expectations (3.11.1)
      diff-lcs (>= 1.2.0, < 2.0)
      rspec-support (~> 3.11.0)
    rspec-mocks (3.11.1)
      diff-lcs (>= 1.2.0, < 2.0)
      rspec-support (~> 3.11.0)
    rspec-support (3.11.1)
    sorbet-runtime (0.5.10564)
    sqlite3 (1.5.3)
      mini_portile2 (~> 2.8.0)
    tzinfo (2.0.5)
      concurrent-ruby (~> 1.0)
    unparser (0.6.5)
      diff-lcs (~> 1.3)
      parser (>= 3.1.0)

PLATFORMS
  ruby

DEPENDENCIES
  childprocess
  mutant (= 0.11.17)
  mutant-license!
  mutant-minitest (= 0.11.17)
  mutant-rspec (= 0.11.17)
  mysql2 (= 0.5.4)
  pg (= 1.4.4)
  rake (>= 10.0)
  rspec (~> 3.6)
  ruby_event_store!
  ruby_event_store-active_record!
  sqlite3 (= 1.5.3)

BUNDLED WITH
   2.3.14
