PATH
  remote: .
  specs:
    ruby_event_store-newrelic (0.1.0)
      newrelic_rpm (~> 6.0)
      ruby_event_store (>= 1.0.0)

GEM
  remote: https://rubygems.org/
  remote: https://oss:7AXfeZdAfCqL1PvHm2nvDJO6Zd9UW8IK@gem.mutant.dev/
  specs:
    ast (2.4.1)
    concurrent-ruby (1.1.7)
    diff-lcs (1.4.4)
    minitest (5.14.3)
    mutant (0.10.26)
      diff-lcs (~> 1.3)
      parser (~> 3.0.0)
      regexp_parser (~> 2.0, >= 2.0.3)
      unparser (~> 0.6.0)
    mutant-license (0.1.1.2.1627430819213747598431630701693729869473.0)
    mutant-minitest (0.10.26)
      minitest (~> 5.11)
      mutant (= 0.10.26)
    mutant-rspec (0.10.26)
      mutant (= 0.10.26)
      rspec-core (>= 3.8.0, < 4.0.0)
    newrelic_rpm (6.14.0)
    parser (3.0.0.0)
      ast (~> 2.4.1)
    rake (13.0.3)
    regexp_parser (2.0.3)
    rspec (3.10.0)
      rspec-core (~> 3.10.0)
      rspec-expectations (~> 3.10.0)
      rspec-mocks (~> 3.10.0)
    rspec-core (3.10.1)
      rspec-support (~> 3.10.0)
    rspec-expectations (3.10.1)
      diff-lcs (>= 1.2.0, < 2.0)
      rspec-support (~> 3.10.0)
    rspec-mocks (3.10.1)
      diff-lcs (>= 1.2.0, < 2.0)
      rspec-support (~> 3.10.0)
    rspec-support (3.10.1)
    ruby_event_store (2.1.0)
      concurrent-ruby (~> 1.0, >= 1.1.6)
    unparser (0.6.0)
      diff-lcs (~> 1.3)
      parser (>= 3.0.0)

PLATFORMS
  ruby

DEPENDENCIES
  mutant (~> 0.10.26)
  mutant-license!
  mutant-minitest (~> 0.10.26)
  mutant-rspec (~> 0.10.26)
  rake (>= 10.0)
  rspec (~> 3.6)
  ruby_event_store-newrelic!

BUNDLED WITH
   2.2.5
