PATH
  remote: ../..
  specs:
    ruby_event_store (2.16.0)
      concurrent-ruby (~> 1.0, >= 1.1.6)

PATH
  remote: .
  specs:
    ruby_event_store-newrelic (0.1.0)
      newrelic_rpm (~> 6.0)
      ruby_event_store (>= 1.0.0)

GEM
  remote: https://rubygems.org/
  specs:
    ast (2.4.3)
    concurrent-ruby (1.3.5)
    date (3.4.1)
    diff-lcs (1.6.2)
    erb (5.0.1)
    io-console (0.8.0)
    irb (1.15.2)
      pp (>= 0.6.0)
      rdoc (>= 4.0.0)
      reline (>= 0.4.2)
    minitest (5.25.5)
    mutant (0.13.1)
      diff-lcs (~> 1.3)
      parser (~> 3.3.0)
      regexp_parser (~> 2.10)
      sorbet-runtime (~> 0.5.0)
      unparser (~> 0.7.0)
    mutant-minitest (0.13.1)
      minitest (~> 5.11)
      mutant (= 0.13.1)
      mutex_m (~> 0.2)
    mutant-rspec (0.13.1)
      mutant (= 0.13.1)
      rspec-core (>= 3.8.0, < 4.0.0)
    mutex_m (0.3.0)
    newrelic_rpm (6.15.0)
    parser (3.3.8.0)
      ast (~> 2.4.1)
      racc
    pp (0.6.2)
      prettyprint
    prettyprint (0.2.0)
    psych (5.2.6)
      date
      stringio
    racc (1.8.1)
    rake (13.2.1)
    rdoc (6.14.0)
      erb
      psych (>= 4.0.0)
    regexp_parser (2.10.0)
    reline (0.6.1)
      io-console (~> 0.5)
    rspec (3.13.1)
      rspec-core (~> 3.13.0)
      rspec-expectations (~> 3.13.0)
      rspec-mocks (~> 3.13.0)
    rspec-core (3.13.4)
      rspec-support (~> 3.13.0)
    rspec-expectations (3.13.5)
      diff-lcs (>= 1.2.0, < 2.0)
      rspec-support (~> 3.13.0)
    rspec-mocks (3.13.5)
      diff-lcs (>= 1.2.0, < 2.0)
      rspec-support (~> 3.13.0)
    rspec-support (3.13.4)
    sorbet-runtime (0.5.12135)
    stringio (3.1.7)
    unparser (0.7.0)
      diff-lcs (~> 1.6)
      parser (>= 3.3.0)

PLATFORMS
  arm64-darwin
  x86_64-darwin
  x86_64-linux

DEPENDENCIES
  irb
  mutant
  mutant-minitest
  mutant-rspec
  rake (>= 10.0)
  rspec
  ruby_event_store!
  ruby_event_store-newrelic!

BUNDLED WITH
   2.6.9
