PATH
  remote: .
  specs:
    ruby_event_store-newrelic (0.1.0)
      newrelic_rpm (~> 6.0)
      ruby_event_store (>= 1.0.0)

GEM
  remote: https://oss:7AXfeZdAfCqL1PvHm2nvDJO6Zd9UW8IK@gem.mutant.dev/
  specs:
    mutant-license (0.1.1.2.1627430819213747598431630701693729869473.4)

GEM
  remote: https://rubygems.org/
  specs:
    ast (2.4.2)
    concurrent-ruby (1.1.10)
    diff-lcs (1.5.0)
    minitest (5.16.0)
    mutant (0.11.11)
      diff-lcs (~> 1.3)
      parser (~> 3.1.0)
      regexp_parser (~> 2.3, >= 2.3.1)
      sorbet-runtime (~> 0.5.0)
      unparser (~> 0.6.5)
    mutant-minitest (0.11.11)
      minitest (~> 5.11)
      mutant (= 0.11.11)
    mutant-rspec (0.11.11)
      mutant (= 0.11.11)
      rspec-core (>= 3.8.0, < 4.0.0)
    newrelic_rpm (6.15.0)
    parser (3.1.2.0)
      ast (~> 2.4.1)
    rake (13.0.6)
    regexp_parser (2.5.0)
    rspec (3.11.0)
      rspec-core (~> 3.11.0)
      rspec-expectations (~> 3.11.0)
      rspec-mocks (~> 3.11.0)
    rspec-core (3.11.0)
      rspec-support (~> 3.11.0)
    rspec-expectations (3.11.0)
      diff-lcs (>= 1.2.0, < 2.0)
      rspec-support (~> 3.11.0)
    rspec-mocks (3.11.1)
      diff-lcs (>= 1.2.0, < 2.0)
      rspec-support (~> 3.11.0)
    rspec-support (3.11.0)
    ruby2_keywords (0.0.5)
    ruby_event_store (2.3.0)
      concurrent-ruby (~> 1.0, >= 1.1.6)
      ruby2_keywords
    sorbet-runtime (0.5.10101)
    unparser (0.6.5)
      diff-lcs (~> 1.3)
      parser (>= 3.1.0)

PLATFORMS
  ruby

DEPENDENCIES
  mutant (= 0.11.11)
  mutant-license!
  mutant-minitest (= 0.11.11)
  mutant-rspec (= 0.11.11)
  rake (>= 10.0)
  rspec (~> 3.6)
  ruby_event_store-newrelic!

BUNDLED WITH
   2.3.14
