GIT
  remote: https://github.com/pawelpacana/mutant.git
  revision: 5e49212110aa1b3803deb7c3a5b7751ead228a19
  specs:
    mutant (0.10.14)
      abstract_type (~> 0.0.7)
      adamantium (~> 0.2.0)
      anima (~> 0.3.1)
      ast (~> 2.2)
      concord (~> 0.1.5)
      diff-lcs (~> 1.3)
      equalizer (~> 0.0.9)
      ice_nine (~> 0.11.1)
      memoizable (~> 0.4.2)
      mprelude (~> 0.1.0)
      parser (~> 2.7.1)
      procto (~> 0.0.2)
      unparser (~> 0.5.4)
      variable (~> 0.0.1)
    mutant-rspec (0.10.14)
      mutant (~> 0.10.14)
      rspec-core (>= 3.8.0, < 4.0.0)

PATH
  remote: ../aggregate_root
  specs:
    aggregate_root (1.1.1)
      ruby_event_store (= 1.1.1)

PATH
  remote: ../bounded_context
  specs:
    bounded_context (1.1.1)

PATH
  remote: ../ruby_event_store
  specs:
    ruby_event_store (1.1.1)
      concurrent-ruby (~> 1.0, >= 1.1.6)

PATH
  remote: .
  specs:
    ruby_event_store-browser (1.1.1)
      ruby_event_store (= 1.1.1)
      sinatra

GEM
  remote: https://rubygems.org/
  remote: https://oss:7AXfeZdAfCqL1PvHm2nvDJO6Zd9UW8IK@gem.mutant.dev/
  specs:
    abstract_type (0.0.7)
    adamantium (0.2.0)
      ice_nine (~> 0.11.0)
      memoizable (~> 0.4.0)
    addressable (2.7.0)
      public_suffix (>= 2.0.2, < 5.0)
    anima (0.3.2)
      abstract_type (~> 0.0.7)
      adamantium (~> 0.2)
      equalizer (~> 0.0.11)
    ast (2.4.1)
    capybara (3.34.0)
      addressable
      mini_mime (>= 0.1.3)
      nokogiri (~> 1.8)
      rack (>= 1.6.0)
      rack-test (>= 0.6.3)
      regexp_parser (~> 1.5)
      xpath (~> 3.2)
    childprocess (3.0.0)
    concord (0.1.6)
      adamantium (~> 0.2.0)
      equalizer (~> 0.0.9)
    concurrent-ruby (1.1.7)
    diff-lcs (1.4.4)
    equalizer (0.0.11)
    ice_nine (0.11.2)
    json-schema (2.8.1)
      addressable (>= 2.4)
    memoizable (0.4.2)
      thread_safe (~> 0.3, >= 0.3.1)
    mini_mime (1.0.2)
    mini_portile2 (2.4.0)
    mprelude (0.1.0)
      abstract_type (~> 0.0.7)
      adamantium (~> 0.2.0)
      concord (~> 0.1.5)
      equalizer (~> 0.0.9)
      ice_nine (~> 0.11.1)
      procto (~> 0.0.2)
    mustermann (1.1.1)
      ruby2_keywords (~> 0.0.1)
    mutant-license (0.1.1.2.1627430819213747598431630701693729869473.0)
    nokogiri (1.10.10)
      mini_portile2 (~> 2.4.0)
    parser (2.7.2.0)
      ast (~> 2.4.1)
    procto (0.0.3)
    public_suffix (4.0.6)
    rack (2.2.3)
    rack-protection (2.1.0)
      rack
    rack-test (1.1.0)
      rack (>= 1.0, < 3)
    rake (13.0.1)
    regexp_parser (1.8.2)
    rspec (3.10.0)
      rspec-core (~> 3.10.0)
      rspec-expectations (~> 3.10.0)
      rspec-mocks (~> 3.10.0)
    rspec-core (3.10.0)
      rspec-support (~> 3.10.0)
    rspec-expectations (3.10.0)
      diff-lcs (>= 1.2.0, < 2.0)
      rspec-support (~> 3.10.0)
    rspec-mocks (3.10.0)
      diff-lcs (>= 1.2.0, < 2.0)
      rspec-support (~> 3.10.0)
    rspec-support (3.10.0)
    ruby2_keywords (0.0.2)
    rubyzip (2.3.0)
    selenium-webdriver (3.142.7)
      childprocess (>= 0.5, < 4.0)
      rubyzip (>= 1.2.2)
    sinatra (2.1.0)
      mustermann (~> 1.0)
      rack (~> 2.2)
      rack-protection (= 2.1.0)
      tilt (~> 2.0)
    thread_safe (0.3.6)
    tilt (2.0.10)
    unparser (0.5.4)
      abstract_type (~> 0.0.7)
      adamantium (~> 0.2.0)
      anima (~> 0.3.1)
      concord (~> 0.1.5)
      diff-lcs (~> 1.3)
      equalizer (~> 0.0.9)
      mprelude (~> 0.1.0)
      parser (>= 2.6.5)
      procto (~> 0.0.2)
    variable (0.0.1)
      equalizer (~> 0.0.11)
    xpath (3.2.0)
      nokogiri (~> 1.8)

PLATFORMS
  ruby

DEPENDENCIES
  aggregate_root!
  bounded_context!
  capybara (~> 3.18)
  json-schema
  mutant (~> 0.10.14)!
  mutant-license!
  mutant-rspec (~> 0.10.14)!
  rack
  rack-test
  rake (>= 10.0)
  rspec (~> 3.6)
  ruby_event_store!
  ruby_event_store-browser!
  selenium-webdriver (~> 3.141)

BUNDLED WITH
   2.1.4
