PATH
  remote: ../../ruby_event_store
  specs:
    ruby_event_store (2.3.0)
      concurrent-ruby (~> 1.0, >= 1.1.6)
      ruby2_keywords

PATH
  remote: .
  specs:
    ruby_event_store-sidekiq_scheduler (0.1.0)
      ruby_event_store (>= 2.0.0, < 3.0.0)

GEM
  remote: https://oss:7AXfeZdAfCqL1PvHm2nvDJO6Zd9UW8IK@gem.mutant.dev/
  specs:
    mutant-license (0.1.1.2.1627430819213747598431630701693729869473.4)

GEM
  remote: https://rubygems.org/
  specs:
    ast (2.4.2)
    concurrent-ruby (1.1.9)
    connection_pool (2.2.5)
    diff-lcs (1.4.4)
    minitest (5.14.4)
    mutant (0.11.2)
      diff-lcs (~> 1.3)
      parser (~> 3.0.0)
      regexp_parser (~> 2.0, >= 2.0.3)
      sorbet-runtime (~> 0.5.0)
      unparser (~> 0.6.2)
    mutant-minitest (0.11.2)
      minitest (~> 5.11)
      mutant (= 0.11.2)
    mutant-rspec (0.11.2)
      mutant (= 0.11.2)
      rspec-core (>= 3.8.0, < 4.0.0)
    parser (3.0.3.2)
      ast (~> 2.4.1)
    rack (2.2.3)
    rake (13.0.6)
    redis (4.5.1)
    regexp_parser (2.2.0)
    rspec (3.10.0)
      rspec-core (~> 3.10.0)
      rspec-expectations (~> 3.10.0)
      rspec-mocks (~> 3.10.0)
    rspec-core (3.10.1)
      rspec-support (~> 3.10.0)
    rspec-expectations (3.10.1)
      diff-lcs (>= 1.2.0, < 2.0)
      rspec-support (~> 3.10.0)
    rspec-mocks (3.10.2)
      diff-lcs (>= 1.2.0, < 2.0)
      rspec-support (~> 3.10.0)
    rspec-support (3.10.3)
    ruby2_keywords (0.0.5)
    sidekiq (6.4.0)
      connection_pool (>= 2.2.2)
      rack (~> 2.0)
      redis (>= 4.2.0)
    sorbet-runtime (0.5.9452)
    unparser (0.6.2)
      diff-lcs (~> 1.3)
      parser (>= 3.0.0)

PLATFORMS
  ruby

DEPENDENCIES
  mutant (~> 0.11.0)
  mutant-license!
  mutant-minitest (~> 0.11.0)
  mutant-rspec (~> 0.11.0)
  rake (>= 10.0)
  rspec (~> 3.6)
  ruby_event_store!
  ruby_event_store-sidekiq_scheduler!
  sidekiq (~> 6.4)

BUNDLED WITH
   2.2.33
