PATH
  remote: ../ruby_event_store
  specs:
    ruby_event_store (1.1.1)
      concurrent-ruby (~> 1.0, >= 1.1.6)

PATH
  remote: .
  specs:
    ruby_event_store-rom (1.1.1)
      dry-container (>= 0.6)
      dry-initializer (>= 3.0)
      dry-types (>= 1.0)
      rom-changeset (>= 5.0)
      rom-repository (>= 5.0)
      rom-sql (>= 3.0)
      ruby_event_store (= 1.1.1)
      sequel (>= 5.11.0)

GEM
  remote: https://rubygems.org/
  remote: https://oss:7AXfeZdAfCqL1PvHm2nvDJO6Zd9UW8IK@gem.mutant.dev/
  specs:
    abstract_type (0.0.7)
    adamantium (0.2.0)
      ice_nine (~> 0.11.0)
      memoizable (~> 0.4.0)
    anima (0.3.2)
      abstract_type (~> 0.0.7)
      adamantium (~> 0.2)
      equalizer (~> 0.0.11)
    ast (2.4.1)
    concord (0.1.6)
      adamantium (~> 0.2.0)
      equalizer (~> 0.0.9)
    concurrent-ruby (1.1.7)
    diff-lcs (1.4.4)
    dry-configurable (0.11.6)
      concurrent-ruby (~> 1.0)
      dry-core (~> 0.4, >= 0.4.7)
      dry-equalizer (~> 0.2)
    dry-container (0.7.2)
      concurrent-ruby (~> 1.0)
      dry-configurable (~> 0.1, >= 0.1.3)
    dry-core (0.4.10)
      concurrent-ruby (~> 1.0)
    dry-equalizer (0.3.0)
    dry-inflector (0.2.0)
    dry-initializer (3.0.4)
    dry-logic (1.0.8)
      concurrent-ruby (~> 1.0)
      dry-core (~> 0.2)
      dry-equalizer (~> 0.2)
    dry-struct (1.3.0)
      dry-core (~> 0.4, >= 0.4.4)
      dry-equalizer (~> 0.3)
      dry-types (~> 1.3)
      ice_nine (~> 0.11)
    dry-types (1.4.0)
      concurrent-ruby (~> 1.0)
      dry-container (~> 0.3)
      dry-core (~> 0.4, >= 0.4.4)
      dry-equalizer (~> 0.3)
      dry-inflector (~> 0.1, >= 0.1.2)
      dry-logic (~> 1.0, >= 1.0.2)
    equalizer (0.0.11)
    ice_nine (0.11.2)
    memoizable (0.4.2)
      thread_safe (~> 0.3, >= 0.3.1)
    mprelude (0.1.0)
      abstract_type (~> 0.0.7)
      adamantium (~> 0.2.0)
      concord (~> 0.1.5)
      equalizer (~> 0.0.9)
      ice_nine (~> 0.11.1)
      procto (~> 0.0.2)
    mutant (0.10.15)
      abstract_type (~> 0.0.7)
      adamantium (~> 0.2.0)
      anima (~> 0.3.1)
      ast (~> 2.2)
      concord (~> 0.1.5)
      diff-lcs (~> 1.3)
      equalizer (~> 0.0.9)
      ice_nine (~> 0.11.1)
      memoizable (~> 0.4.2)
      mprelude (~> 0.1.0)
      parser (~> 2.7.1)
      procto (~> 0.0.2)
      unparser (~> 0.5.4)
      variable (~> 0.0.1)
    mutant-license (0.1.1.2.1627430819213747598431630701693729869473.0)
    mutant-rspec (0.10.15)
      mutant (~> 0.10.15)
      rspec-core (>= 3.8.0, < 4.0.0)
    mysql2 (0.5.3)
    parser (2.7.2.0)
      ast (~> 2.4.1)
    pg (1.2.3)
    procto (0.0.3)
    rake (13.0.1)
    rom-changeset (5.2.3)
      dry-core (~> 0.4)
      rom-core (~> 5.2)
      transproc (~> 1.0, >= 1.1.0)
    rom-core (5.2.3)
      concurrent-ruby (~> 1.1)
      dry-container (~> 0.7)
      dry-core (~> 0.4)
      dry-equalizer (~> 0.2)
      dry-inflector (~> 0.1)
      dry-initializer (~> 3.0, >= 3.0.1)
      dry-struct (~> 1.0)
      dry-types (~> 1.0)
      transproc (~> 1.0, >= 1.1.0)
    rom-repository (5.2.2)
      dry-core (~> 0.4)
      dry-initializer (~> 3.0, >= 3.0.1)
      rom-core (~> 5.2, >= 5.2.2)
    rom-sql (3.2.0)
      dry-core (~> 0.4)
      dry-equalizer (~> 0.2)
      dry-types (~> 1.0)
      rom-core (~> 5.2, >= 5.2.1)
      sequel (>= 4.49)
    rspec (3.10.0)
      rspec-core (~> 3.10.0)
      rspec-expectations (~> 3.10.0)
      rspec-mocks (~> 3.10.0)
    rspec-core (3.10.0)
      rspec-support (~> 3.10.0)
    rspec-expectations (3.10.0)
      diff-lcs (>= 1.2.0, < 2.0)
      rspec-support (~> 3.10.0)
    rspec-mocks (3.10.0)
      diff-lcs (>= 1.2.0, < 2.0)
      rspec-support (~> 3.10.0)
    rspec-support (3.10.0)
    sequel (5.39.0)
    sqlite3 (1.3.13)
    thread_safe (0.3.6)
    transproc (1.1.1)
    unparser (0.5.4)
      abstract_type (~> 0.0.7)
      adamantium (~> 0.2.0)
      anima (~> 0.3.1)
      concord (~> 0.1.5)
      diff-lcs (~> 1.3)
      equalizer (~> 0.0.9)
      mprelude (~> 0.1.0)
      parser (>= 2.6.5)
      procto (~> 0.0.2)
    variable (0.0.1)
      equalizer (~> 0.0.11)

PLATFORMS
  ruby

DEPENDENCIES
  mutant (~> 0.10.15)
  mutant-license!
  mutant-rspec (~> 0.10.15)
  mysql2 (>= 0.5.3)
  pg (>= 1.2.2)
  rake (>= 10.0)
  rspec (~> 3.6)
  ruby_event_store!
  ruby_event_store-rom!
  sqlite3 (= 1.3.13)

BUNDLED WITH
   2.1.4
