PATH
  remote: .
  specs:
    minitest-rails_event_store (0.1.0)
      rails_event_store (>= 1.0.0)

GEM
  remote: https://rubygems.org/
  remote: https://oss:7AXfeZdAfCqL1PvHm2nvDJO6Zd9UW8IK@gem.mutant.dev/
  specs:
    abstract_type (0.0.7)
    activejob (6.1.1)
      activesupport (= 6.1.1)
      globalid (>= 0.3.6)
    activemodel (6.1.1)
      activesupport (= 6.1.1)
    activerecord (6.1.1)
      activemodel (= 6.1.1)
      activesupport (= 6.1.1)
    activerecord-import (1.0.7)
      activerecord (>= 3.2)
    activesupport (6.1.1)
      concurrent-ruby (~> 1.0, >= 1.0.2)
      i18n (>= 1.6, < 2)
      minitest (>= 5.1)
      tzinfo (~> 2.0)
      zeitwerk (~> 2.3)
    adamantium (0.2.0)
      ice_nine (~> 0.11.0)
      memoizable (~> 0.4.0)
    aggregate_root (2.1.0)
      ruby2_keywords
      ruby_event_store (= 2.1.0)
    anima (0.3.2)
      abstract_type (~> 0.0.7)
      adamantium (~> 0.2)
      equalizer (~> 0.0.11)
    arkency-command_bus (0.4.0)
      thread_safe
    ast (2.4.1)
    concord (0.1.6)
      adamantium (~> 0.2.0)
      equalizer (~> 0.0.9)
    concurrent-ruby (1.1.7)
    diff-lcs (1.4.4)
    equalizer (0.0.11)
    globalid (0.4.2)
      activesupport (>= 4.2.0)
    i18n (1.8.7)
      concurrent-ruby (~> 1.0)
    ice_nine (0.11.2)
    memoizable (0.4.2)
      thread_safe (~> 0.3, >= 0.3.1)
    minitest (5.14.3)
    mprelude (0.1.0)
      abstract_type (~> 0.0.7)
      adamantium (~> 0.2.0)
      concord (~> 0.1.5)
      equalizer (~> 0.0.9)
      ice_nine (~> 0.11.1)
      procto (~> 0.0.2)
    mustermann (1.1.1)
      ruby2_keywords (~> 0.0.1)
    mutant (0.10.25)
      abstract_type (~> 0.0.7)
      adamantium (~> 0.2.0)
      anima (~> 0.3.1)
      ast (~> 2.2)
      concord (~> 0.1.5)
      diff-lcs (~> 1.3)
      equalizer (~> 0.0.9)
      ice_nine (~> 0.11.1)
      memoizable (~> 0.4.2)
      mprelude (~> 0.1.0)
      parser (~> 3.0.0)
      procto (~> 0.0.2)
      regexp_parser (~> 2.0, >= 2.0.3)
      unparser (~> 0.5.6)
      variable (~> 0.0.1)
    mutant-license (0.1.1.2.1627430819213747598431630701693729869473.0)
    mutant-minitest (0.10.25)
      minitest (~> 5.11)
      mutant (= 0.10.25)
    mutant-rspec (0.10.25)
      mutant (= 0.10.25)
      rspec-core (>= 3.8.0, < 4.0.0)
    parser (3.0.0.0)
      ast (~> 2.4.1)
    procto (0.0.3)
    rack (2.2.3)
    rack-protection (2.1.0)
      rack
    rails_event_store (2.1.0)
      activejob (>= 3.0)
      activemodel (>= 3.0)
      activesupport (>= 3.0)
      aggregate_root (= 2.1.0)
      arkency-command_bus (>= 0.4)
      rails_event_store_active_record (= 2.1.0)
      ruby_event_store (= 2.1.0)
      ruby_event_store-browser (= 2.1.0)
    rails_event_store_active_record (2.1.0)
      activerecord (>= 5.0)
      activerecord-import (>= 1.0.2)
      ruby_event_store (= 2.1.0)
    rake (13.0.3)
    regexp_parser (2.0.3)
    rspec (3.10.0)
      rspec-core (~> 3.10.0)
      rspec-expectations (~> 3.10.0)
      rspec-mocks (~> 3.10.0)
    rspec-core (3.10.1)
      rspec-support (~> 3.10.0)
    rspec-expectations (3.10.1)
      diff-lcs (>= 1.2.0, < 2.0)
      rspec-support (~> 3.10.0)
    rspec-mocks (3.10.1)
      diff-lcs (>= 1.2.0, < 2.0)
      rspec-support (~> 3.10.0)
    rspec-support (3.10.1)
    ruby2_keywords (0.0.2)
    ruby_event_store (2.1.0)
      concurrent-ruby (~> 1.0, >= 1.1.6)
    ruby_event_store-browser (2.1.0)
      ruby_event_store (= 2.1.0)
      sinatra
    sinatra (2.1.0)
      mustermann (~> 1.0)
      rack (~> 2.2)
      rack-protection (= 2.1.0)
      tilt (~> 2.0)
    thread_safe (0.3.6)
    tilt (2.0.10)
    tzinfo (2.0.4)
      concurrent-ruby (~> 1.0)
    unparser (0.5.6)
      abstract_type (~> 0.0.7)
      adamantium (~> 0.2.0)
      anima (~> 0.3.1)
      concord (~> 0.1.5)
      diff-lcs (~> 1.3)
      equalizer (~> 0.0.9)
      mprelude (~> 0.1.0)
      parser (>= 3.0.0)
      procto (~> 0.0.2)
    variable (0.0.1)
      equalizer (~> 0.0.11)
    zeitwerk (2.4.2)

PLATFORMS
  x86_64-darwin-19

DEPENDENCIES
  minitest (~> 5.0)
  minitest-rails_event_store!
  mutant (~> 0.10.22)
  mutant-license!
  mutant-minitest
  mutant-rspec (~> 0.10.22)
  rake (>= 10.0)
  rspec (~> 3.6)

BUNDLED WITH
   2.2.4
