PATH
  remote: ../..
  specs:
    ruby_event_store (2.16.0)
      concurrent-ruby (~> 1.0, >= 1.1.6)

PATH
  remote: .
  specs:
    dres_client (0.6.0)
      ruby_event_store (>= 2.0, < 3.0)

GEM
  remote: https://rubygems.org/
  specs:
    addressable (2.8.7)
      public_suffix (>= 2.0.2, < 7.0)
    ast (2.4.3)
    bigdecimal (3.1.9)
    closed_struct (1.0.0)
    concurrent-ruby (1.3.5)
    crack (1.0.0)
      bigdecimal
      rexml
    diff-lcs (1.6.2)
    equalizer (0.0.11)
    hashdiff (1.2.0)
    minitest (5.25.5)
    mutant (0.13.1)
      diff-lcs (~> 1.3)
      parser (~> 3.3.0)
      regexp_parser (~> 2.10)
      sorbet-runtime (~> 0.5.0)
      unparser (~> 0.7.0)
    mutant-minitest (0.13.1)
      minitest (~> 5.11)
      mutant (= 0.13.1)
      mutex_m (~> 0.2)
    mutant-rspec (0.13.1)
      mutant (= 0.13.1)
      rspec-core (>= 3.8.0, < 4.0.0)
    mutex_m (0.3.0)
    parser (3.3.8.0)
      ast (~> 2.4.1)
      racc
    public_suffix (6.0.2)
    racc (1.8.1)
    rake (13.2.1)
    regexp_parser (2.10.0)
    rexml (3.4.1)
    rspec (3.13.1)
      rspec-core (~> 3.13.0)
      rspec-expectations (~> 3.13.0)
      rspec-mocks (~> 3.13.0)
    rspec-core (3.13.4)
      rspec-support (~> 3.13.0)
    rspec-expectations (3.13.5)
      diff-lcs (>= 1.2.0, < 2.0)
      rspec-support (~> 3.13.0)
    rspec-mocks (3.13.5)
      diff-lcs (>= 1.2.0, < 2.0)
      rspec-support (~> 3.13.0)
    rspec-support (3.13.4)
    sorbet-runtime (0.5.12135)
    unparser (0.7.0)
      diff-lcs (~> 1.6)
      parser (>= 3.3.0)
    webmock (3.25.1)
      addressable (>= 2.8.0)
      crack (>= 0.3.2)
      hashdiff (>= 0.4.0, < 2.0.0)

PLATFORMS
  arm64-darwin
  x86_64-darwin
  x86_64-linux

DEPENDENCIES
  closed_struct
  dres_client!
  equalizer
  mutant
  mutant-minitest
  mutant-rspec
  rake (>= 10.0)
  rspec
  ruby_event_store!
  webmock

BUNDLED WITH
   2.6.9
