PATH
  remote: ../..
  specs:
    ruby_event_store (2.11.0)
      concurrent-ruby (~> 1.0, >= 1.1.6)

PATH
  remote: .
  specs:
    dres_client (0.6.0)
      ruby_event_store (>= 2.0, < 3.0)

GEM
  remote: https://oss:7AXfeZdAfCqL1PvHm2nvDJO6Zd9UW8IK@gem.mutant.dev/
  specs:
    mutant-license (0.1.1.2.1627430819213747598431630701693729869473.6)

GEM
  remote: https://rubygems.org/
  specs:
    addressable (2.8.5)
      public_suffix (>= 2.0.2, < 6.0)
    ast (2.4.2)
    closed_struct (1.0.0)
    concurrent-ruby (1.2.2)
    crack (0.4.5)
      rexml
    diff-lcs (1.5.0)
    equalizer (0.0.11)
    hashdiff (1.0.1)
    minitest (5.19.0)
    mutant (0.11.22)
      diff-lcs (~> 1.3)
      parser (~> 3.2.2)
      regexp_parser (~> 2.6.1)
      sorbet-runtime (~> 0.5.0)
      unparser (~> 0.6.8)
    mutant-minitest (0.11.22)
      minitest (~> 5.11)
      mutant (= 0.11.22)
    mutant-rspec (0.11.22)
      mutant (= 0.11.22)
      rspec-core (>= 3.8.0, < 4.0.0)
    parser (3.2.2.3)
      ast (~> 2.4.1)
      racc
    public_suffix (5.0.3)
    racc (1.7.1)
    rake (13.0.6)
    regexp_parser (2.6.2)
    rexml (3.2.6)
    rspec (3.12.0)
      rspec-core (~> 3.12.0)
      rspec-expectations (~> 3.12.0)
      rspec-mocks (~> 3.12.0)
    rspec-core (3.12.2)
      rspec-support (~> 3.12.0)
    rspec-expectations (3.12.3)
      diff-lcs (>= 1.2.0, < 2.0)
      rspec-support (~> 3.12.0)
    rspec-mocks (3.12.6)
      diff-lcs (>= 1.2.0, < 2.0)
      rspec-support (~> 3.12.0)
    rspec-support (3.12.1)
    sorbet-runtime (0.5.10985)
    unparser (0.6.8)
      diff-lcs (~> 1.3)
      parser (>= 3.2.0)
    webmock (3.18.1)
      addressable (>= 2.8.0)
      crack (>= 0.3.2)
      hashdiff (>= 0.4.0, < 2.0.0)

PLATFORMS
  arm64-darwin-21
  arm64-darwin-22
  x86_64-darwin-22
  x86_64-linux

DEPENDENCIES
  closed_struct
  dres_client!
  equalizer
  mutant (= 0.11.22)
  mutant-license!
  mutant-minitest (= 0.11.22)
  mutant-rspec (= 0.11.22)
  rake (>= 10.0)
  rspec (~> 3.6)
  ruby_event_store!
  webmock

BUNDLED WITH
   2.4.6
