PATH
  remote: ../ruby_event_store
  specs:
    ruby_event_store (2.5.1)
      concurrent-ruby (~> 1.0, >= 1.1.6)

PATH
  remote: .
  specs:
    aggregate_root (2.5.1)
      ruby_event_store (= 2.5.1)

GEM
  remote: https://oss:7AXfeZdAfCqL1PvHm2nvDJO6Zd9UW8IK@gem.mutant.dev/
  specs:
    mutant-license (0.1.1.2.1627430819213747598431630701693729869473.4)

GEM
  remote: https://rubygems.org/
  specs:
    activesupport (5.2.8)
      concurrent-ruby (~> 1.0, >= 1.0.2)
      i18n (>= 0.7, < 2)
      minitest (~> 5.1)
      tzinfo (~> 1.1)
    ast (2.4.2)
    concurrent-ruby (1.1.10)
    diff-lcs (1.5.0)
    i18n (1.10.0)
      concurrent-ruby (~> 1.0)
    minitest (5.15.0)
    mutant (0.11.12)
      diff-lcs (~> 1.3)
      parser (~> 3.1.0)
      regexp_parser (~> 2.3, >= 2.3.1)
      sorbet-runtime (~> 0.5.0)
      unparser (~> 0.6.5)
    mutant-minitest (0.11.12)
      minitest (~> 5.11)
      mutant (= 0.11.12)
    mutant-rspec (0.11.12)
      mutant (= 0.11.12)
      rspec-core (>= 3.8.0, < 4.0.0)
    parser (3.1.2.0)
      ast (~> 2.4.1)
    rake (13.0.6)
    regexp_parser (2.5.0)
    rspec (3.11.0)
      rspec-core (~> 3.11.0)
      rspec-expectations (~> 3.11.0)
      rspec-mocks (~> 3.11.0)
    rspec-core (3.11.0)
      rspec-support (~> 3.11.0)
    rspec-expectations (3.11.0)
      diff-lcs (>= 1.2.0, < 2.0)
      rspec-support (~> 3.11.0)
    rspec-mocks (3.11.1)
      diff-lcs (>= 1.2.0, < 2.0)
      rspec-support (~> 3.11.0)
    rspec-support (3.11.0)
    sorbet-runtime (0.5.10125)
    thread_safe (0.3.6)
    tzinfo (1.2.9)
      thread_safe (~> 0.1)
    unparser (0.6.5)
      diff-lcs (~> 1.3)
      parser (>= 3.1.0)

PLATFORMS
  ruby

DEPENDENCIES
  activesupport (~> 5.0)
  aggregate_root!
  mutant (= 0.11.12)
  mutant-license!
  mutant-minitest (= 0.11.12)
  mutant-rspec (= 0.11.12)
  rake (>= 10.0)
  rspec (~> 3.6)
  ruby_event_store!

BUNDLED WITH
   2.3.14
