PATH
  remote: ../../../ruby_event_store
  specs:
    ruby_event_store (2.3.0)
      concurrent-ruby (~> 1.0, >= 1.1.6)
      ruby2_keywords

PATH
  remote: .
  specs:
    dres_client (0.6.0)
      ruby_event_store (>= 2.0, < 3.0)

GEM
  remote: https://oss:7AXfeZdAfCqL1PvHm2nvDJO6Zd9UW8IK@gem.mutant.dev/
  specs:
    mutant-license (0.1.1.2.1627430819213747598431630701693729869473.4)

GEM
  remote: https://rubygems.org/
  specs:
    addressable (2.8.0)
      public_suffix (>= 2.0.2, < 5.0)
    ast (2.4.2)
    closed_struct (1.0.0)
    concurrent-ruby (1.1.9)
    crack (0.4.5)
      rexml
    diff-lcs (1.4.4)
    equalizer (0.0.11)
    hashdiff (1.0.1)
    minitest (5.14.4)
    mutant (0.11.0)
      diff-lcs (~> 1.3)
      parser (~> 3.0.0)
      regexp_parser (~> 2.0, >= 2.0.3)
      sorbet-runtime (~> 0.5.0)
      unparser (~> 0.6.0)
    mutant-minitest (0.11.0)
      minitest (~> 5.11)
      mutant (= 0.11.0)
    mutant-rspec (0.11.0)
      mutant (= 0.11.0)
      rspec-core (>= 3.8.0, < 4.0.0)
    parser (3.0.2.0)
      ast (~> 2.4.1)
    public_suffix (4.0.6)
    rake (13.0.6)
    regexp_parser (2.1.1)
    rexml (3.2.5)
    rspec (3.10.0)
      rspec-core (~> 3.10.0)
      rspec-expectations (~> 3.10.0)
      rspec-mocks (~> 3.10.0)
    rspec-core (3.10.1)
      rspec-support (~> 3.10.0)
    rspec-expectations (3.10.1)
      diff-lcs (>= 1.2.0, < 2.0)
      rspec-support (~> 3.10.0)
    rspec-mocks (3.10.2)
      diff-lcs (>= 1.2.0, < 2.0)
      rspec-support (~> 3.10.0)
    rspec-support (3.10.2)
    ruby2_keywords (0.0.5)
    sorbet-runtime (0.5.9279)
    unparser (0.6.0)
      diff-lcs (~> 1.3)
      parser (>= 3.0.0)
    webmock (3.3.0)
      addressable (>= 2.3.6)
      crack (>= 0.3.2)
      hashdiff

PLATFORMS
  arm64-darwin-20
  x86_64-darwin-19
  x86_64-linux

DEPENDENCIES
  closed_struct
  dres_client!
  equalizer
  mutant (~> 0.11.0)
  mutant-license!
  mutant-minitest (~> 0.11.0)
  mutant-rspec (~> 0.11.0)
  rake (>= 10.0)
  rspec (~> 3.6)
  ruby_event_store!
  webmock (~> 3.3.0)

BUNDLED WITH
   2.2.30
